GEM
  remote: http://rubygems.org/
  specs:
    activemodel (3.0.9)
      activesupport (= 3.0.9)
      builder (~> 2.1.2)
      i18n (~> 0.5.0)
    activesupport (3.0.9)
    bson (1.2.4)
    builder (2.1.2)
    i18n (0.5.0)
    mongo (1.2.4)
      bson (>= 1.2.4)
    mongoid (2.0.0)
      activemodel (~> 3.0)
      mongo (~> 1.2)
      tzinfo (~> 0.3.22)
      will_paginate (~> 3.0.pre)
    tzinfo (0.3.29)
    will_paginate (3.0.pre4)

PLATFORMS
  ruby

DEPENDENCIES
  activemodel (~> 3.0.3)
  activesupport (~> 3.0.3)
  bson (~> 1.2.1)
  mongoid (~> 2.0.0)
